GEM
  remote: https://rubygems.org/
  specs:
    faraday (0.17.5)
      multipart-post (>= 1.2, < 3)
    jwt (2.3.0)
    mime-types (3.1)
      mime-types-data (~> 3.2015)
    mime-types-data (3.2016.0521)
    mini_portile2 (2.8.0)
    multipart-post (2.1.1)
    mustermann (1.0.2)
    nokogiri (1.13.6)
      mini_portile2 (~> 2.8.0)
      racc (~> 1.4)
    racc (1.6.0)
    rack (2.0.5)
    rack-protection (2.0.2)
      rack
    sinatra (2.0.2)
      mustermann (~> 1.0)
      rack (~> 2.0)
      rack-protection (= 2.0.2)
      tilt (~> 2.0)
    tilt (2.0.8)
    twilio-ruby (5.10.7)
      faraday (~> 0.9)
      jwt (>= 1.5, <= 2.5)
      nokogiri (>= 1.6, < 2.0)

PLATFORMS
  ruby

DEPENDENCIES
  mime-types (~> 3.1)
  sinatra (~> 2.0.2)
  twilio-ruby (~> 5.10.3)

BUNDLED WITH
   1.17.3
